Brain Vision Data Exchange Header File Version 1.0
; Data created by the Vision Recorder

[Common Infos]
Codepage=UTF-8
DataFile=ExpWV_D1M04.eeg
MarkerFile=ExpWV_D1M04.vmrk
DataFormat=BINARY
; Data orientation: MULTIPLEXED=ch1,pt1, ch2,pt1 ...
DataOrientation=MULTIPLEXED
NumberOfChannels=31
; Sampling interval in microseconds
SamplingInterval=2000

[Binary Infos]
BinaryFormat=INT_16

[Channel Infos]
; Each entry: Ch<Channel number>=<Name>,<Reference channel name>,
; <Resolution in "Unit">,<Unit>, Future extensions..
; Fields are delimited by commas, some fields might be omitted (empty).
; Commas in channel names are coded as "\1".
Ch1=Fp1,,0.5,µV
Ch2=Fp2,,0.5,µV
Ch3=F3,,0.5,µV
Ch4=F4,,0.5,µV
Ch5=C3,,0.5,µV
Ch6=C4,,0.5,µV
Ch7=P3,,0.5,µV
Ch8=P4,,0.5,µV
Ch9=O1,,0.5,µV
Ch10=O2,,0.5,µV
Ch11=F7,,0.5,µV
Ch12=F8,,0.5,µV
Ch13=T7,,0.5,µV
Ch14=T8,,0.5,µV
Ch15=P7,,0.5,µV
Ch16=P8,,0.5,µV
Ch17=Fz,,0.5,µV
Ch18=Cz,,0.5,µV
Ch19=Pz,,0.5,µV
Ch20=Oz,,0.5,µV
Ch21=FC1,,0.5,µV
Ch22=FC2,,0.5,µV
Ch23=CP1,,0.5,µV
Ch24=CP2,,0.5,µV
Ch25=FC5,,0.5,µV
Ch26=FC6,,0.5,µV
Ch27=CP5,,0.5,µV
Ch28=CP6,,0.5,µV
Ch29=TP9,,0.5,µV
Ch30=TP10,,0.5,µV
Ch31=POz,,0.5,µV

[Comment]

BrainVision Recorder Professional   -   V. 1.20.0802


A m p l i f i e r  S e t u p
============================
Number of channels: 31
Sampling Rate [Hz]: 500
Sampling Interval [µS]: 2000

Channels
--------
#     Name      Phys. Chn.    Resolution / Unit   Low Cutoff [s]   High Cutoff [Hz]   Notch [Hz]    Series Res. [kOhm] Gradient         Offset
1     Fp1         1                0.5 µV             10              250              Off               10                 
2     Fp2         2                0.5 µV             10              250              Off               10                 
3     F3          3                0.5 µV             10              250              Off               10                 
4     F4          4                0.5 µV             10              250              Off               10                 
5     C3          5                0.5 µV             10              250              Off               10                 
6     C4          6                0.5 µV             10              250              Off               10                 
7     P3          7                0.5 µV             10              250              Off               10                 
8     P4          8                0.5 µV             10              250              Off               10                 
9     O1          9                0.5 µV             10              250              Off               10                 
10    O2          10               0.5 µV             10              250              Off               10                 
11    F7          11               0.5 µV             10              250              Off               10                 
12    F8          12               0.5 µV             10              250              Off               10                 
13    T7          13               0.5 µV             10              250              Off               10                 
14    T8          14               0.5 µV             10              250              Off               10                 
15    P7          15               0.5 µV             10              250              Off               10                 
16    P8          16               0.5 µV             10              250              Off               10                 
17    Fz          17               0.5 µV             10              250              Off               10                 
18    Cz          18               0.5 µV             10              250              Off               10                 
19    Pz          19               0.5 µV             10              250              Off               10                 
20    Oz          20               0.5 µV             10              250              Off               10                 
21    FC1         21               0.5 µV             10              250              Off               10                 
22    FC2         22               0.5 µV             10              250              Off               10                 
23    CP1         23               0.5 µV             10              250              Off               10                 
24    CP2         24               0.5 µV             10              250              Off               10                 
25    FC5         25               0.5 µV             10              250              Off               10                 
26    FC6         26               0.5 µV             10              250              Off               10                 
27    CP5         27               0.5 µV             10              250              Off               10                 
28    CP6         28               0.5 µV             10              250              Off               10                 
29    TP9         29               0.5 µV             10              250              Off               10                 
30    TP10        30               0.5 µV             10              250              Off               10                 
31    POz         31               0.5 µV             10              250              Off               10                 

S o f t w a r e  F i l t e r s
==============================
Disabled


No impedance values available at 10:38:28!
